GEM
  remote: https://rubygems.org/
  specs:
    rack (1.4.5)
    rack-protection (1.4.0)
      rack
    redis (3.0.3)
    sinatra (1.3.5)
      rack (~> 1.4)
      rack-protection (~> 1.3)
      tilt (~> 1.3, >= 1.3.3)
    tilt (1.3.3)

PLATFORMS
  java
  ruby

DEPENDENCIES
  redis
  sinatra
